GEM
  remote: https://rubygems.org/
  specs:
    addressable (2.8.7)
      public_suffix (>= 2.0.2, < 7.0)
    base64 (0.2.0)
    bigdecimal (3.1.9)
    cgi (0.4.2)
    coderay (1.1.3)
    concurrent-ruby (1.3.5)
    domain_name (0.6.20240107)
    dotenv (3.1.8)
    erb (4.0.4)
      cgi (>= 0.3.3)
    ffi (1.17.2)
    ffi-compiler (1.3.2)
      ffi (>= 1.15.5)
      rake
    hashie (5.0.0)
    http (5.2.0)
      addressable (~> 2.8)
      base64 (~> 0.1)
      http-cookie (~> 1.0)
      http-form_data (~> 2.2)
      llhttp-ffi (~> 0.5.0)
    http-cookie (1.0.8)
      domain_name (~> 0.5)
    http-form_data (2.3.0)
    i18n (1.14.7)
      concurrent-ruby (~> 1.0)
    llhttp-ffi (0.5.1)
      ffi-compiler (~> 1.0)
      rake (~> 13.0)
    method_source (1.1.0)
    pg (1.5.9)
    pry (0.15.2)
      coderay (~> 1.1)
      method_source (~> 1.0)
    public_suffix (6.0.1)
    rake (13.1.0)
    retryable (3.0.5)
    sequel (5.91.0)
      bigdecimal
    telegram_workflow (1.8.0)
      http
      retryable

PLATFORMS
  ruby

DEPENDENCIES
  concurrent-ruby
  dotenv
  erb
  hashie
  i18n
  pg
  pry
  rake (~> 13.1.0)
  sequel
  telegram_workflow

BUNDLED WITH
   2.4.22
